GEM
  remote: https://rubygems.org/
  specs:
    ast (2.3.0)
    diff-lcs (1.2.5)
    ethon (0.9.0)
      ffi (>= 1.3.0)
    ffi (1.9.14)
    listen (3.0.3)
      rb-fsevent (>= 0.9.3)
      rb-inotify (>= 0.9)
    oj (1.4.7)
    parser (2.3.1.4)
      ast (~> 2.2)
    powerpack (0.1.1)
    rack (1.6.4)
    rack-protection (1.5.3)
      rack
    rainbow (2.1.0)
    rake (11.3.0)
    rb-fsevent (0.9.7)
    rb-inotify (0.9.7)
      ffi (>= 0.5.0)
    rerun (0.11.0)
      listen (~> 3.0)
    rspec (3.5.0)
      rspec-core (~> 3.5.0)
      rspec-expectations (~> 3.5.0)
      rspec-mocks (~> 3.5.0)
    rspec-core (3.5.4)
      rspec-support (~> 3.5.0)
    rspec-expectations (3.5.0)
      diff-lcs (>= 1.2.0, < 2.0)
      rspec-support (~> 3.5.0)
    rspec-mocks (3.5.0)
      diff-lcs (>= 1.2.0, < 2.0)
      rspec-support (~> 3.5.0)
    rspec-support (3.5.0)
    rubocop (0.44.1)
      parser (>= 2.3.1.1, < 3.0)
      powerpack (~> 0.1)
      rainbow (>= 1.99.1, < 3.0)
      ruby-progressbar (~> 1.7)
      unicode-display_width (~> 1.0, >= 1.0.1)
    ruby-progressbar (1.8.1)
    sequel (4.39.0)
    shotgun (0.9.2)
      rack (>= 1.0)
    sinatra (1.4.7)
      rack (~> 1.5)
      rack-protection (~> 1.4)
      tilt (>= 1.3, < 3)
    slim (3.0.7)
      temple (~> 0.7.6)
      tilt (>= 1.3.3, < 2.1)
    sqlite3 (1.3.12)
    temple (0.7.7)
    tilt (2.0.5)
    typhoeus (1.1.0)
      ethon (>= 0.9.0)
    unicode-display_width (1.1.1)

PLATFORMS
  ruby

DEPENDENCIES
  oj (~> 1.4.0)
  rake (~> 11.3)
  rerun (~> 0.11.0)
  rspec (~> 3.5)
  rubocop (~> 0.44.1)
  sequel (~> 4.39)
  shotgun (~> 0.9.2)
  sinatra (~> 1.4, >= 1.4.7)
  slim (~> 3.0, >= 3.0.7)
  sqlite3 (~> 1.3, >= 1.3.12)
  typhoeus (~> 1.0, >= 1.0.1)

BUNDLED WITH
   1.13.5
